GEM
  remote: https://rubygems.org/
  specs:
    bson (4.15.0)
    json (2.7.1)
    mongo (2.19.3)
      bson (>= 4.14.1, < 5.0.0)
    nio4r (2.7.0)
    puma (6.4.2)
      nio4r (~> 2.0)
    rack (3.0.9.1)
    rackup (2.1.0)
      rack (>= 3)
      webrick (~> 1.8)
    webrick (1.8.1)

PLATFORMS
  ruby
  x86_64-linux

DEPENDENCIES
  json
  mongo
  puma
  rack
  rackup (~> 2.1)

BUNDLED WITH
   2.5.4
